GEM
  remote: http://rubygems.org/
  specs:
    ansi (1.4.3)
    foreman (0.39.0)
      term-ansicolor (~> 1.0.7)
      thor (>= 0.13.6)
    rake (12.3.3)
    term-ansicolor (1.0.7)
    thor (0.17.0)

PLATFORMS
  ruby

DEPENDENCIES
  ansi
  foreman
  rake
